GEM
  remote: http://rubygems.org/
  specs:
    microdata (0.0.3)
      nokogiri
    nokogiri (1.5.9)

PLATFORMS
  ruby

DEPENDENCIES
  microdata
  nokogiri
